GIT
  remote: git://github.com/d0m0v0y/jQuery-URL-Parser-Rails.git
  revision: 792cdac853ae6d3532d160fc2831c9fad1907914
  specs:
    jQuery-URL-Parser-Rails (0.0.1)
      railties (~> 3.1)

GIT
  remote: git://github.com/d0m0v0y/spree-mail-chimp.git
  revision: f8fa64290f84f5c437bc28fba5131b1e10ed164d
  specs:
    spree_mail_chimp (3.0.2)
      hominid (~> 3.0.0)
      spree_core (~> 1.0)

GIT
  remote: git://github.com/d0m0v0y/spree_banner.git
  revision: 300a42af2b25cad2430387bb0106c492d622ebe2
  specs:
    spree_banner (1.3.1)
      aws-sdk
      paperclip
      spree_core (>= 1.3.0)

GIT
  remote: git://github.com/d0m0v0y/spree_shipworks.git
  revision: 5fc289f10ada11a5921fffef08367c5885229cc6
  specs:
    spree_shipworks (1.3.2)
      nokogiri (~> 1.6.0)
      spree_core (~> 1.3.2)

GIT
  remote: git://github.com/smartinez87/exception_notification.git
  revision: 5ee8cac707b9a3d580f388bf5e22e673ac57562e
  specs:
    exception_notification (3.0.1)
      actionmailer (>= 3.0.4)
      activesupport (>= 3.0.4)

GIT
  remote: git://github.com/spree/deface.git
  revision: 1110a1336252109bce7f98f9182042e0bc2930ae
  specs:
    deface (1.0.0.rc3)
      colorize (>= 0.5.8)
      nokogiri (~> 1.6.0)
      rails (>= 3.1)

GIT
  remote: git://github.com/spree/spree-multi-domain.git
  revision: 14b733afbf8c51d8245ded9b844fd7b128b27399
  branch: 1-3-stable
  specs:
    spree_multi_domain (1.0.0)
      spree_core (~> 1.3.2)
      spree_promo (~> 1.3.2)

GIT
  remote: git://github.com/spree/spree_auth_devise.git
  revision: ccd6add27a101aa3942df2e3c58a0c65b639314c
  branch: 1-3-stable
  specs:
    spree_auth_devise (1.0.0)
      cancan (~> 1.6.7)
      devise (~> 2.2.3)
      devise-encryptable (= 0.1.1)
      spree_core

GIT
  remote: git://github.com/spree/spree_gateway.git
  revision: ff292fe0b5ad29355c74e66619a1f8f9f2ae04f5
  branch: 1-3-stable
  specs:
    spree_gateway (1.2.0.rc2)
      savon (~> 1.2)
      spree_core (~> 1.0)

GIT
  remote: git://github.com/spree/spree_reviews.git
  revision: 8deca48aadf4350d54ecae581614e76e172187a1
  branch: 1-3-stable
  specs:
    spree_reviews (1.0.0)
      spree_core (~> 1.3)

GIT
  remote: git://github.com/spree/spree_static_content.git
  revision: 9c3015dea830dbabd1eb3d87569ff703a8a5c9e4
  branch: 1-3-stable
  specs:
    spree_static_content (1.1.0.beta)
      spree_core (~> 1.3.0)

GIT
  remote: git://github.com/spree/spree_store_credits.git
  revision: 5fdf6aed69a082a803322b3066c913374314be76
  branch: 1-3-stable
  specs:
    spree_store_credits (1.1.1)
      spree_core (~> 1.3)
      spree_promo (~> 1.3)

GIT
  remote: git://github.com/teambox/csv_builder.git
  revision: a93a27775af1124c1ae61a8bdd7fce22cc5c5c97
  specs:
    csv_builder (2.1.0)
      actionpack (>= 3.0.0)

PATH
  remote: spree_additional_reporting
  specs:
    spree_additional_reporting (1.3.2)
      spree_core (~> 1.3.2)

PATH
  remote: spree_lens_prescriptions
  specs:
    spree_lens_prescriptions (1.3.2)
      jquery-form-rails (~> 1.0.0)
      spree_core (~> 1.3.2)

PATH
  remote: spree_locked_orders
  specs:
    spree_locked_orders (1.3.2)
      spree_core (~> 1.3.2)

PATH
  remote: spree_mr_powers_theme
  specs:
    spree_mr_powers_theme (1.3.2)
      spree_core (~> 1.3.2)

PATH
  remote: spree_rowley_theme
  specs:
    spree_rowley_theme (1.3.2)
      spree_core (~> 1.3.2)

PATH
  remote: spree_simple_sales
  specs:
    spree_simple_sales (1.3.2)
      spree_core (~> 1.3.2)

GEM
  remote: https://rubygems.org/
  specs:
    actionmailer (3.2.12)
      actionpack (= 3.2.12)
      mail (~> 2.4.4)
    actionpack (3.2.12)
      activemodel (= 3.2.12)
      activesupport (= 3.2.12)
      builder (~> 3.0.0)
      erubis (~> 2.7.0)
      journey (~> 1.0.4)
      rack (~> 1.4.5)
      rack-cache (~> 1.2)
      rack-test (~> 0.6.1)
      sprockets (~> 2.2.1)
    active_utils (2.0.0)
      activesupport (>= 2.3.11)
      i18n
    activemerchant (1.29.3)
      active_utils (>= 1.0.2)
      activesupport (>= 2.3.14)
      builder (>= 2.0.0)
      i18n
      json (>= 1.5.1)
      money
      nokogiri
    activemodel (3.2.12)
      activesupport (= 3.2.12)
      builder (~> 3.0.0)
    activerecord (3.2.12)
      activemodel (= 3.2.12)
      activesupport (= 3.2.12)
      arel (~> 3.0.2)
      tzinfo (~> 0.3.29)
    activeresource (3.2.12)
      activemodel (= 3.2.12)
      activesupport (= 3.2.12)
    activesupport (3.2.12)
      i18n (~> 0.6)
      multi_json (~> 1.0)
    acts_as_list (0.1.4)
    addressable (2.3.4)
    akami (1.2.0)
      gyoku (>= 0.4.0)
      nokogiri (>= 1.4.0)
    arel (3.0.2)
    awesome_nested_set (2.1.5)
      activerecord (>= 3.0.0)
    awesome_print (1.1.0)
    aws-sdk (1.3.9)
      httparty (~> 0.7)
      json (~> 1.4)
      nokogiri (>= 1.4.4)
      uuidtools (~> 2.1)
    bcrypt-ruby (3.0.1)
    binding_of_caller (0.7.1)
      debug_inspector (>= 0.0.1)
    builder (3.0.4)
    cancan (1.6.8)
    capistrano (2.14.2)
      highline
      net-scp (>= 1.0.0)
      net-sftp (>= 2.0.0)
      net-ssh (>= 2.0.14)
      net-ssh-gateway (>= 1.1.0)
    capistrano-unicorn (0.1.7)
      capistrano
    capybara (2.1.0)
      mime-types (>= 1.16)
      nokogiri (>= 1.3.3)
      rack (>= 1.0.0)
      rack-test (>= 0.5.4)
      xpath (~> 2.0)
    chronic (0.9.1)
    climate_control (0.0.3)
      activesupport (>= 3.0)
    cocaine (0.5.1)
      climate_control (>= 0.0.3, < 1.0)
    coderay (1.0.9)
    coffee-rails (3.2.2)
      coffee-script (>= 2.2.0)
      railties (~> 3.2.0)
    coffee-script (2.2.0)
      coffee-script-source
      execjs
    coffee-script-source (1.6.2)
    colorize (0.5.8)
    database_cleaner (0.9.1)
    debug_inspector (0.0.2)
    devise (2.2.3)
      bcrypt-ruby (~> 3.0)
      orm_adapter (~> 0.1)
      railties (~> 3.1)
      warden (~> 1.2.1)
    devise-encryptable (0.1.1)
      devise (>= 2.1.0.rc)
    diff-lcs (1.2.3)
    erubis (2.7.0)
    exceptional (2.0.33)
      rack
    execjs (1.4.0)
      multi_json (~> 1.0)
    factory_girl (4.2.0)
      activesupport (>= 3.0.0)
    factory_girl_rails (4.2.1)
      factory_girl (~> 4.2.0)
      railties (>= 3.0.0)
    fancybox2-rails (0.2.4)
      railties (>= 3.1.0)
    ffaker (1.12.1)
    gyoku (0.4.6)
      builder (>= 2.1.2)
    haml (4.0.2)
      tilt
    haml-rails (0.4)
      actionpack (>= 3.1, < 4.1)
      activesupport (>= 3.1, < 4.1)
      haml (>= 3.1, < 4.1)
      railties (>= 3.1, < 4.1)
    highline (1.6.11)
    hike (1.2.3)
    hominid (3.0.5)
    httparty (0.8.3)
      multi_json (~> 1.0)
      multi_xml
    httpi (1.1.1)
      rack
    i18n (0.6.4)
    journey (1.0.4)
    jquery-form-rails (1.0.0)
      jquery-rails
    jquery-migrate-rails (1.1.1)
    jquery-rails (2.2.2)
      railties (>= 3.0, < 5.0)
      thor (>= 0.14, < 2.0)
    json (1.8.0)
    kaminari (0.13.0)
      actionpack (>= 3.0.0)
      activesupport (>= 3.0.0)
      railties (>= 3.0.0)
    kgio (2.8.0)
    launchy (2.3.0)
      addressable (~> 2.3)
    letter_opener (1.1.1)
      launchy (~> 2.2)
    libv8 (3.11.8.17)
    mail (2.4.4)
      i18n (>= 0.4.0)
      mime-types (~> 1.16)
      treetop (~> 1.4.8)
    meta_request (0.2.3)
      rack-contrib
      railties
    method_source (0.8.1)
    mime-types (1.23)
    mini_portile (0.5.1)
    money (5.0.0)
      i18n (~> 0.4)
      json
    multi_json (1.7.8)
    multi_xml (0.5.5)
    mysql2 (0.3.11)
    net-scp (1.1.0)
      net-ssh (>= 2.6.5)
    net-sftp (2.1.1)
      net-ssh (>= 2.6.5)
    net-ssh (2.6.7)
    net-ssh-gateway (1.2.0)
      net-ssh (>= 2.6.5)
    nokogiri (1.6.0)
      mini_portile (~> 0.5.0)
    nori (1.1.5)
    orm_adapter (0.4.0)
    paperclip (2.8.0)
      activerecord (>= 2.3.0)
      activesupport (>= 2.3.2)
      cocaine (>= 0.0.2)
      mime-types
    polyamorous (0.5.0)
      activerecord (~> 3.0)
    polyglot (0.3.3)
    pry (0.9.12)
      coderay (~> 1.0.5)
      method_source (~> 0.8)
      slop (~> 3.4)
    pry-stack_explorer (0.4.9)
      binding_of_caller (>= 0.7)
      pry (~> 0.9.11)
    rabl (0.7.2)
      activesupport (>= 2.3.14)
      multi_json (~> 1.0)
    rack (1.4.5)
    rack-cache (1.2)
      rack (>= 0.4)
    rack-contrib (1.1.0)
      rack (>= 0.9.1)
    rack-ssl (1.3.3)
      rack
    rack-test (0.6.2)
      rack (>= 1.0)
    rails (3.2.12)
      actionmailer (= 3.2.12)
      actionpack (= 3.2.12)
      activerecord (= 3.2.12)
      activeresource (= 3.2.12)
      activesupport (= 3.2.12)
      bundler (~> 1.0)
      railties (= 3.2.12)
    railties (3.2.12)
      actionpack (= 3.2.12)
      activesupport (= 3.2.12)
      rack-ssl (~> 1.3.2)
      rake (>= 0.8.7)
      rdoc (~> 3.4)
      thor (>= 0.14.6, < 2.0)
    raindrops (0.10.0)
    rake (10.1.0)
    ransack (0.7.2)
      actionpack (~> 3.0)
      activerecord (~> 3.0)
      polyamorous (~> 0.5.0)
    rdoc (3.12.2)
      json (~> 1.4)
    ref (1.0.4)
    rspec-core (2.13.1)
    rspec-expectations (2.13.0)
      diff-lcs (>= 1.1.3, < 2.0)
    rspec-mocks (2.13.1)
    rspec-rails (2.13.0)
      actionpack (>= 3.0)
      activesupport (>= 3.0)
      railties (>= 3.0)
      rspec-core (~> 2.13.0)
      rspec-expectations (~> 2.13.0)
      rspec-mocks (~> 2.13.0)
    rvm-capistrano (1.3.0)
      capistrano (>= 2.0.0)
    sass (3.2.10)
    sass-rails (3.2.6)
      railties (~> 3.2.0)
      sass (>= 3.1.10)
      tilt (~> 1.3)
    savon (1.2.0)
      akami (~> 1.2.0)
      builder (>= 2.1.2)
      gyoku (~> 0.4.5)
      httpi (~> 1.1.0)
      nokogiri (>= 1.4.0)
      nori (~> 1.1.0)
      wasabi (~> 2.5.0)
    select2-rails (3.4.7)
      sass-rails
      thor (~> 0.14)
    slop (3.4.4)
    spork (0.9.2)
    spree (1.3.2)
      spree_api (= 1.3.2)
      spree_cmd (= 1.3.2)
      spree_core (= 1.3.2)
      spree_dash (= 1.3.2)
      spree_promo (= 1.3.2)
      spree_sample (= 1.3.2)
    spree_api (1.3.2)
      spree_core (= 1.3.2)
      versioncake (= 0.4.0)
    spree_cmd (1.3.2)
      thor (>= 0.14.6)
    spree_core (1.3.2)
      activemerchant (~> 1.29.3)
      acts_as_list (= 0.1.4)
      awesome_nested_set (= 2.1.5)
      aws-sdk (~> 1.3.4)
      cancan (= 1.6.8)
      deface (>= 0.9.0)
      ffaker (~> 1.12.0)
      highline (= 1.6.11)
      jquery-rails (~> 2.2.0)
      kaminari (= 0.13.0)
      money (= 5.0.0)
      paperclip (~> 2.8)
      rabl (= 0.7.2)
      rails (~> 3.2.11)
      ransack (~> 0.7.2)
      select2-rails (~> 3.2)
      state_machine (= 1.1.2)
      stringex (~> 1.3.2)
    spree_dash (1.3.2)
      httparty (~> 0.8.1)
      spree_core (= 1.3.2)
    spree_promo (1.3.2)
      spree_core (= 1.3.2)
    spree_sample (1.3.2)
      spree_core (= 1.3.2)
    sprockets (2.2.2)
      hike (~> 1.2)
      multi_json (~> 1.0)
      rack (~> 1.0)
      tilt (~> 1.1, != 1.3.0)
    state_machine (1.1.2)
    stringex (1.3.3)
    symmetric-encryption (2.0.2)
    therubyracer (0.11.4)
      libv8 (~> 3.11.8.12)
      ref
    thor (0.18.1)
    tilt (1.4.1)
    timecop (0.6.2.2)
    treetop (1.4.14)
      polyglot
      polyglot (>= 0.3.1)
    tzinfo (0.3.37)
    uglifier (2.0.1)
      execjs (>= 0.3.0)
      multi_json (~> 1.0, >= 1.0.2)
    unicorn (4.6.2)
      kgio (~> 2.6)
      rack
      raindrops (~> 0.7)
    uuidtools (2.1.4)
    versioncake (0.4.0)
      actionpack (>= 3.0)
      activesupport (>= 3.0)
      railties (>= 3.0)
    warden (1.2.1)
      rack (>= 1.0)
    wasabi (2.5.1)
      httpi (~> 1.0)
      nokogiri (>= 1.4.0)
    whenever (0.8.2)
      activesupport (>= 2.3.4)
      chronic (>= 0.6.3)
    xpath (2.0.0)
      nokogiri (~> 1.3)

PLATFORMS
  ruby

DEPENDENCIES
  awesome_print
  binding_of_caller
  capistrano
  capistrano-unicorn
  capybara
  coffee-rails (~> 3.2.1)
  csv_builder!
  database_cleaner
  deface!
  exception_notification!
  exceptional
  factory_girl_rails
  fancybox2-rails
  ffaker
  haml-rails
  jQuery-URL-Parser-Rails!
  jquery-form-rails (~> 1.0.0)
  jquery-migrate-rails
  jquery-rails
  letter_opener
  meta_request
  mysql2
  pry
  pry-stack_explorer
  rails (= 3.2.12)
  rspec-rails
  rvm-capistrano
  sass-rails (~> 3.2.3)
  spork
  spree (= 1.3.2)
  spree_additional_reporting!
  spree_auth_devise!
  spree_banner!
  spree_gateway!
  spree_lens_prescriptions!
  spree_locked_orders!
  spree_mail_chimp!
  spree_mr_powers_theme!
  spree_multi_domain!
  spree_reviews!
  spree_rowley_theme!
  spree_shipworks!
  spree_simple_sales!
  spree_static_content!
  spree_store_credits!
  symmetric-encryption
  therubyracer
  timecop
  uglifier (>= 1.0.4)
  unicorn
  whenever
